GEM
  remote: https://rubygems.org/
  specs:
    ansi (1.4.3)
    builder (3.2.2)
    bump (0.8.0)
    ci_reporter (2.0.0)
      builder (>= 2.1.2)
    codeclimate-test-reporter (0.4.0)
      simplecov (>= 0.7.1, < 1.0.0)
    diff-lcs (1.3)
    docile (1.1.5)
    minitest (5.4.1)
    minitest-reporters (1.0.5)
      ansi
      builder
      minitest (>= 5.0)
      ruby-progressbar
    money (2.1.3)
    multi_json (1.10.1)
    rspec (3.8.0)
      rspec-core (~> 3.8.0)
      rspec-expectations (~> 3.8.0)
      rspec-mocks (~> 3.8.0)
    rspec-core (3.8.0)
      rspec-support (~> 3.8.0)
    rspec-expectations (3.8.3)
      diff-lcs (>= 1.2.0, < 2.0)
      rspec-support (~> 3.8.0)
    rspec-mocks (3.8.0)
      diff-lcs (>= 1.2.0, < 2.0)
      rspec-support (~> 3.8.0)
    rspec-support (3.8.0)
    rspec_junit_formatter (0.2.0)
      builder (< 4)
      rspec (>= 2, < 4)
      rspec-core (!= 2.12.0)
    ruby-progressbar (1.5.1)
    simplecov (0.9.0)
      docile (~> 1.1.0)
      multi_json
      simplecov-html (~> 0.8.0)
    simplecov-csv (0.1.3)
      simplecov
    simplecov-html (0.8.0)

PLATFORMS
  ruby

DEPENDENCIES
  bump
  ci_reporter
  codeclimate-test-reporter
  minitest-reporters
  money (= 2.1.3)
  rspec (= 3.8.0)
  rspec_junit_formatter
  simplecov-csv

BUNDLED WITH
   1.17.3
